{
  "Modality": "MR",
  "InstitutionName": "NIH DRDCTR MR3",
  "StudyDescription": "MRI Brain",
  "Manufacturer": "GE MEDICAL SYSTEMS",
  "ManufacturerModelName": "SIGNA EXCITE",
  "StationName": "MR03OC0",
  "DeviceSerialNumber": "0000000000001234",
  "ReceiveCoilName": "8HRBRAIN",
  "MagneticFieldStrength": 1.5,
  "SoftwareVersion": "11",
  "SeriesDescription": "3d AX FSPGR NO IR PREP",
  "ProtocolName": "Smith's PET/",
  "ImageType": "ORIGINAL\\PRIMARY\\OTHER",
  "ScanningSequence": "GR",
  "SequenceVariant": "SS\\SP\\SK",
  "ScanOptions": "FAST_GEMS\\VB_GEMS",
  "SliceThickness": 1.2,
  "EchoTime": 5.212,
  "RepetitionTime": 11.8,
  "FlipAngle": 20,
  "ReconstructionDiameter": 240,
  "PercentPhaseFieldOfView": 100
}
