{
  "Modality": "MR",
  "InstitutionName": "NIH Radiology MR1",
  "StudyDescription": "MRI Brain",
  "Manufacturer": "GE MEDICAL SYSTEMS",
  "ManufacturerModelName": "GENESIS_SIGNA",
  "StationName": "MR01MR01",
  "DeviceSerialNumber": "000000000000345",
  "ReceiveCoilName": "HEAD",
  "TransmitCoilNamee": "HEAD",
  "MagneticFieldStrength": 15000,
  "SoftwareVersion": "09",
  "SeriesDescription": "3D SPGR AXIAL",
  "ProtocolName": "SMITH PET  2-27-07/6",
  "ImageType": "ORIGINAL\\PRIMARY\\OTHER",
  "ScanningSequence": "GR",
  "SequenceVariant": "SS\\SP\\SK",
  "ScanOptions": "FAST_GEMS\\VB_GEMS\\PFF",
  "SliceThickness": 1.200000048,
  "EchoTime": 1.940000057,
  "RepetitionTime": 9.1,
  "FlipAngle": 20,
  "ReconstructionDiameter": 240,
  "PercentPhaseFieldOfView": 80
}
