{
  "Modality": "MR",
  "InstitutionName": "NIH CC DRD MR2",
  "StudyDescription": "MRI Brain",
  "Manufacturer": "GE MEDICAL SYSTEMS",
  "ManufacturerModelName": "GENESIS_SIGNA",
  "StationName": "MR02OC0",
  "DeviceSerialNumber": "000000000185464",
  "ReceiveCoilName": "HEAD",
  "TransmitCoilNamee": "HEAD",
  "MagneticFieldStrength": 15000,
  "SoftwareVersion": "09",
  "SeriesDescription": "SAG  3D SPGR",
  "ProtocolName": "IRON (FE)/6",
  "ImageType": "ORIGINAL\\PRIMARY\\OTHER",
  "ScanningSequence": "GR",
  "SequenceVariant": "SS\\SP",
  "ScanOptions": "VB_GEMS\\EDR_GEMS\\PFF",
  "SliceThickness": 1.200000048,
  "EchoTime": 5,
  "RepetitionTime": 24,
  "FlipAngle": 20,
  "ReconstructionDiameter": 240,
  "PercentPhaseFieldOfView": 100
}
