{
  "Modality": "MR",
  "InstitutionName": "MR3 ACHIEVA 1.5",
  "InstitutionalDepartmentName": "MRI # 3",
  "StudyDescription": "MRI Brain",
  "Manufacturer": "Philips Medical Systems",
  "ManufacturerModelName": "Achieva",
  "StationName": "PHILIPS-B2995C8",
  "DeviceSerialNumber": "21639",
  "ReceiveCoilName": "SENSE-Head-8",
  "TransmitCoilNamee": "B",
  "MagneticFieldStrength": 1.5,
  "SoftwareVersion": "2.5.1\\2.5.1.0",
  "SeriesDescription": "3DFFE  SAG",
  "ProtocolName": "3DFFE  SAG CLEAR",
  "ImageType": "ORIGINAL\\PRIMARY\\M_FFE\\M\\FFE",
  "ScanningSequence": "GR",
  "SequenceVariant": "SP",
  "ScanOptions": "",
  "SequenceName": "",
  "SliceThickness": 0.99999994039535,
  "EchoTime": 2.99559998512268,
  "RepetitionTime": 6.64690017700195,
  "FlipAngle": 15,
  "ReconstructionDiameter": 250.434774398803,
  "PercentPhaseFieldOfView": 104.6875
}
